PATH
  remote: .
  specs:
    ordway-sdk (1)
      addressable (~> 2.3, >= 2.3.0)
      faraday (~> 2.9)
      faraday-retry (~> 1.0)
      json (~> 2.1, >= 2.1.0)

GEM
  remote: https://rubygems.org/
  specs:
    ZenTest (4.12.1)
    addressable (2.8.6)
      public_suffix (>= 2.0.2, < 6.0)
    autotest (4.4.6)
      ZenTest (>= 4.4.1)
    autotest-fsevent (0.2.21)
      sys-uname
    autotest-growl (0.2.16)
    autotest-rails-pure (4.1.2)
    bigdecimal (3.1.8)
    crack (1.0.0)
      bigdecimal
      rexml
    debug (1.9.2)
      irb (~> 1.10)
      reline (>= 0.3.8)
    diff-lcs (1.5.1)
    faraday (2.9.0)
      faraday-net_http (>= 2.0, < 3.2)
    faraday-net_http (3.1.0)
      net-http
    faraday-retry (1.0.3)
    ffi (1.16.3)
    hashdiff (1.1.0)
    io-console (0.7.2)
    irb (1.13.1)
      rdoc (>= 4.0.0)
      reline (>= 0.4.2)
    json (2.7.2)
    net-http (0.4.1)
      uri
    psych (5.1.2)
      stringio
    public_suffix (5.0.5)
    rake (12.3.3)
    rdoc (6.7.0)
      psych (>= 4.0.0)
    reline (0.5.7)
      io-console (~> 0.5)
    rexml (3.2.8)
      strscan (>= 3.0.9)
    rspec (3.13.0)
      rspec-core (~> 3.13.0)
      rspec-expectations (~> 3.13.0)
      rspec-mocks (~> 3.13.0)
    rspec-core (3.13.0)
      rspec-support (~> 3.13.0)
    rspec-expectations (3.13.0)
      diff-lcs (>= 1.2.0, < 2.0)
      rspec-support (~> 3.13.0)
    rspec-mocks (3.13.1)
      diff-lcs (>= 1.2.0, < 2.0)
      rspec-support (~> 3.13.0)
    rspec-support (3.13.1)
    stringio (3.1.0)
    strscan (3.1.0)
    sys-uname (1.2.3)
      ffi (~> 1.1)
    uri (0.13.0)
    vcr (3.0.3)
    webmock (1.24.6)
      addressable (>= 2.3.6)
      crack (>= 0.3.2)
      hashdiff

PLATFORMS
  arm64-darwin-23
  ruby

DEPENDENCIES
  autotest (~> 4.4, >= 4.4.6)
  autotest-fsevent (~> 0.2, >= 0.2.12)
  autotest-growl (~> 0.2, >= 0.2.16)
  autotest-rails-pure (~> 4.1, >= 4.1.2)
  debug
  faraday-retry
  ordway-sdk!
  rake (~> 12.3.3)
  rspec (~> 3.6, >= 3.6.0)
  vcr (~> 3.0, >= 3.0.1)
  webmock (~> 1.24, >= 1.24.3)

BUNDLED WITH
   2.5.10
